NUGET
  remote: https://www.nuget.org/api/v2
  specs:
    Accordion (1.0.0) - framework: >= net40
    AvalonEdit (5.0.2) - framework: >= net40
    FAKE (4.20.0)
    FSharp.Compiler.Service (2.0.0.6)
    FSharp.Formatting (2.14.0)
      FSharp.Compiler.Service (>= 2.0.0.3 < 2.1.0)
      FSharpVSPowerTools.Core (>= 2.3.0 < 2.4.0)
    FSharpVSPowerTools.Core (2.3.0)
      FSharp.Compiler.Service (>= 2.0.0.3)
    FSharpx.Core (1.8.41)
    FSPowerPack.Core.Community (3.0.0) - framework: >= net45
    Microsoft.Bcl (1.1.10)
      Microsoft.Bcl.Build (>= 1.0.14)
    Microsoft.Bcl.Build (1.0.21) - import_targets: false
    Microsoft.Net.Http (2.2.29)
      Microsoft.Bcl (>= 1.1.10)
      Microsoft.Bcl.Build (>= 1.0.14)
    Mono.Addins (1.2) - framework: >= net452
    NuGet.CommandLine (3.3.0)
    NUnit (2.6.4)
    NUnit.Runners (2.6.4)
    NUnitTestAdapter (2.0.0)
    Octokit (0.18.0)
      Microsoft.Net.Http
    QuickGraphPCL (3.6.61114.2)
    SourceLink.Fake (1.1.0)
    YAXLib (2.13) - framework: >= net40
    YC.FsYARD (0.1.5033) - framework: >= net45
GITHUB
  remote: fsharp/FAKE
  specs:
    modules/Octokit/Octokit.fsx (43c4800c5f132d2c2d6832a3a59232a64d83d4c0)
      Octokit